GEM
  remote: https://rubygems.org/
  specs:
    animation (0.1.alpha.3)
      compass (>= 0.12.0)
      sass (>= 3.2.0.alpha.95)
    chunky_png (1.2.9)
    compass (0.12.2)
      chunky_png (~> 1.2)
      fssm (>= 0.2.7)
      sass (~> 3.1)
    fssm (0.2.10)
    listen (0.7.3)
    sass (3.3.0.alpha.149)
      listen (~> 0.7)

PLATFORMS
  ruby

DEPENDENCIES
  animation
  compass
  sass (= 3.3.0.alpha.149)
